PATH
  remote: .
  specs:
    boundary (0.1.0)

GEM
  remote: https://rubygems.org/
  specs:
    cairo (1.15.3)
      pkg-config (>= 1.1.5)
    diff-lcs (1.2.5)
    mathjax-yard (1.0.3)
      systemu
    pkg-config (1.1.7)
    pseudovasp (0.1.2)
    rake (10.5.0)
    rspec (3.5.0)
      rspec-core (~> 3.5.0)
      rspec-expectations (~> 3.5.0)
      rspec-mocks (~> 3.5.0)
    rspec-core (3.5.4)
      rspec-support (~> 3.5.0)
    rspec-expectations (3.5.0)
      diff-lcs (>= 1.2.0, < 2.0)
      rspec-support (~> 3.5.0)
    rspec-mocks (3.5.0)
      diff-lcs (>= 1.2.0, < 2.0)
      rspec-support (~> 3.5.0)
    rspec-support (3.5.0)
    systemu (2.6.5)
    thor (0.19.4)
    yard (0.9.5)

PLATFORMS
  ruby

DEPENDENCIES
  boundary!
  bundler (~> 1.11)
  cairo
  mathjax-yard
  pseudovasp
  rake (~> 10.0)
  rspec (~> 3.0)
  thor
  yard

BUNDLED WITH
   1.11.2
